GEM
  remote: http://rubygems.org/
  specs:
    rr (1.0.2)
    shoulda (2.11.3)

PLATFORMS
  ruby

DEPENDENCIES
  rr
  shoulda
